GEM
  remote: https://rubygems.org/
  specs:
    awesome_print (1.2.0)
    byebug (3.2.0)
      columnize (~> 0.8)
      debugger-linecache (~> 1.2)
    celluloid (0.15.2)
      timers (~> 1.1.0)
    columnize (0.8.9)
    connection_pool (2.0.0)
    debugger-linecache (1.2.0)
    diff-lcs (1.2.5)
    excon (0.39.5)
    json (1.8.1)
    multi_json (1.10.1)
    neography (1.6.0)
      excon (>= 0.33.0)
      json (>= 1.7.7)
      multi_json (>= 1.3.2)
      os (>= 0.9.6)
      rake (>= 0.8.7)
      rubyzip (>= 1.0.0)
    os (0.9.6)
    rack (1.5.2)
    rack-protection (1.5.3)
      rack
    rake (10.3.2)
    redis (3.1.0)
    redis-namespace (1.5.1)
      redis (~> 3.0, >= 3.0.4)
    rspec (3.0.0)
      rspec-core (~> 3.0.0)
      rspec-expectations (~> 3.0.0)
      rspec-mocks (~> 3.0.0)
    rspec-core (3.0.4)
      rspec-support (~> 3.0.0)
    rspec-expectations (3.0.4)
      diff-lcs (>= 1.2.0, < 2.0)
      rspec-support (~> 3.0.0)
    rspec-mocks (3.0.4)
      rspec-support (~> 3.0.0)
    rspec-support (3.0.4)
    rubyzip (1.1.6)
    sidekiq (3.2.2)
      celluloid (>= 0.15.2)
      connection_pool (>= 2.0.0)
      json
      redis (>= 3.0.6)
      redis-namespace (>= 1.3.1)
    sinatra (1.4.5)
      rack (~> 1.4)
      rack-protection (~> 1.4)
      tilt (~> 1.3, >= 1.3.4)
    smarter_csv (1.0.17)
    tilt (1.4.1)
    timers (1.1.0)

PLATFORMS
  ruby

DEPENDENCIES
  awesome_print
  byebug
  neography
  rspec
  sidekiq
  sinatra
  smarter_csv
